GEM
  remote: https://rubygems.org/
  specs:
    colorize (0.8.1)
    thor (0.19.4)

PLATFORMS
  ruby

DEPENDENCIES
  colorize
  thor

BUNDLED WITH
   1.12.5
